GIT
  remote: https://github.com/iohzrd/rpi_gpio.git
  revision: 82c22a2b57dff084aa6c63a32d1e0c58d33bd1d3
  branch: master
  specs:
    rpi_gpio (0.3.0)

GEM
  remote: https://rubygems.org/
  specs:
    celluloid (0.17.3)
      celluloid-essentials
      celluloid-extras
      celluloid-fsm
      celluloid-pool
      celluloid-supervision
      timers (>= 4.1.1)
    celluloid-essentials (0.20.5)
      timers (>= 4.1.1)
    celluloid-extras (0.20.5)
      timers (>= 4.1.1)
    celluloid-fsm (0.20.5)
      timers (>= 4.1.1)
    celluloid-pool (0.20.5)
      timers (>= 4.1.1)
    celluloid-supervision (0.20.6)
      timers (>= 4.1.1)
    daemons (1.2.4)
    eventmachine (1.2.0.1)
    hitimes (1.2.4)
    rack (1.6.4)
    rack-protection (1.5.3)
      rack
    sinatra (1.4.7)
      rack (~> 1.5)
      rack-protection (~> 1.4)
      tilt (>= 1.3, < 3)
    thin (1.7.0)
      daemons (~> 1.0, >= 1.0.9)
      eventmachine (~> 1.0, >= 1.0.4)
      rack (>= 1, < 3)
    tilt (2.0.5)
    timers (4.1.1)
      hitimes

PLATFORMS
  ruby

DEPENDENCIES
  celluloid
  rpi_gpio!
  sinatra
  thin

BUNDLED WITH
   1.12.5
